GIT
  remote: https://github.com/fastlane/fastlane.git
  revision: 6936c1c85a74668c21e8db7370fc9f4ffb4ed2a2
  tag: credentials_manager/0.16.2
  specs:
    credentials_manager (0.16.2)
      colored
      commander (>= 4.3.5)
      highline (>= 1.7.1)
      security

GEM
  remote: http://rubygems.org/
  specs:
    CFPropertyList (2.3.5)
    activesupport (4.2.8)
      i18n (~> 0.7)
      minitest (~> 5.1)
      thread_safe (~> 0.3, >= 0.3.4)
      tzinfo (~> 1.1)
    addressable (2.5.0)
      public_suffix (~> 2.0, >= 2.0.2)
    babosa (1.0.2)
    claide (1.0.1)
    clamp (0.6.5)
    cocoapods (1.2.0)
      activesupport (>= 4.0.2, < 5)
      claide (>= 1.0.1, < 2.0)
      cocoapods-core (= 1.2.0)
      cocoapods-deintegrate (>= 1.0.1, < 2.0)
      cocoapods-downloader (>= 1.1.3, < 2.0)
      cocoapods-plugins (>= 1.0.0, < 2.0)
      cocoapods-search (>= 1.0.0, < 2.0)
      cocoapods-stats (>= 1.0.0, < 2.0)
      cocoapods-trunk (>= 1.1.2, < 2.0)
      cocoapods-try (>= 1.1.0, < 2.0)
      colored (~> 1.2)
      escape (~> 0.0.4)
      fourflusher (~> 2.0.1)
      gh_inspector (~> 1.0)
      molinillo (~> 0.5.5)
      nap (~> 1.0)
      ruby-macho (~> 0.2.5)
      xcodeproj (>= 1.4.1, < 2.0)
    cocoapods-core (1.2.0)
      activesupport (>= 4.0.2, < 5)
      fuzzy_match (~> 2.0.4)
      nap (~> 1.0)
    cocoapods-coverage (0.2.0)
      cocoapods-testing (>= 0.2.0)
      slather (>= 1.6.0)
    cocoapods-deintegrate (1.0.1)
    cocoapods-docstats (0.0.3)
      docstat
    cocoapods-downloader (1.1.3)
    cocoapods-packager (1.3.0)
      cocoapods (>= 0.38.2)
    cocoapods-plugins (1.0.0)
      nap
    cocoapods-search (1.0.0)
    cocoapods-stats (1.0.0)
    cocoapods-testing (0.2.0)
      xctasks (>= 0.5.0)
    cocoapods-trunk (1.2.0)
      nap (>= 0.8, < 2.0)
      netrc (= 0.7.8)
    cocoapods-try (1.1.0)
    colored (1.2)
    colored2 (3.1.2)
    commander (4.4.2)
      highline (~> 1.7.2)
    docstat (1.0.4)
      sqlite3
    domain_name (0.5.20161129)
      unf (>= 0.0.5, < 1.0.0)
    escape (0.0.4)
    faraday (0.10.0)
      multipart-post (>= 1.2, < 3)
    faraday-cookie_jar (0.0.6)
      faraday (>= 0.7.4)
      http-cookie (~> 1.0.0)
    faraday_middleware (0.10.1)
      faraday (>= 0.7.4, < 1.0)
    fastimage (2.0.1)
      addressable (~> 2)
    fourflusher (2.0.1)
    fuzzy_match (2.0.4)
    gh_inspector (1.0.3)
    highline (1.7.8)
    http-cookie (1.0.3)
      domain_name (~> 0.5)
    i18n (0.8.1)
    jazzy (0.8.1)
      cocoapods (~> 1.0)
      mustache (~> 0.99)
      open4
      redcarpet (~> 3.2)
      rouge (~> 1.5)
      sass (~> 3.4)
      sqlite3 (~> 1.3)
      xcinvoke (~> 0.3.0)
    liferaft (0.0.6)
    mini_portile (0.6.0)
    minitest (5.10.1)
    molinillo (0.5.7)
    multi_xml (0.6.0)
    multipart-post (2.0.0)
    mustache (0.99.8)
    nanaimo (0.2.3)
    nap (1.1.0)
    netrc (0.7.8)
    nokogiri (1.6.3.1)
      mini_portile (= 0.6.0)
    open4 (1.3.4)
    plist (3.2.0)
    public_suffix (2.0.4)
    rake (10.5.0)
    redcarpet (3.4.0)
    rouge (1.11.1)
    ruby-macho (0.2.6)
    sass (3.4.23)
    security (0.1.3)
    slather (2.3.0)
      activesupport (>= 4.0.2, < 5)
      clamp (~> 0.6)
      nokogiri (~> 1.6.3)
      xcodeproj (>= 0.20, < 2.0.0)
    spaceship (0.39.0)
      babosa (= 1.0.2)
      colored
      credentials_manager (>= 0.16.0)
      faraday (~> 0.9)
      faraday-cookie_jar (~> 0.0.6)
      faraday_middleware (~> 0.9)
      fastimage (>= 1.6)
      multi_xml (~> 0.5)
      plist (>= 3.1.0, < 4.0.0)
    sqlite3 (1.3.13)
    thread_safe (0.3.6)
    tzinfo (1.2.3)
      thread_safe (~> 0.1)
    unf (0.1.4)
      unf_ext
    unf_ext (0.0.7.2)
    xcinvoke (0.3.0)
      liferaft (~> 0.0.6)
    xcode-install (2.0.9)
      claide (>= 0.9.1, < 1.1.0)
      spaceship (>= 0.25.1, < 1.0.0)
    xcodeproj (1.4.4)
      CFPropertyList (~> 2.3.3)
      claide (>= 1.0.1, < 2.0)
      colored2 (~> 3.1)
      nanaimo (~> 0.2.3)
    xcpretty (0.2.4)
      rouge (~> 1.8)
    xctasks (0.6.0)
      nokogiri (~> 1.6, >= 1.6.3.1)
      rake (~> 10.0, >= 10.0.0)

PLATFORMS
  ruby

DEPENDENCIES
  cocoapods (= 1.2.0)
  cocoapods-coverage
  cocoapods-docstats
  cocoapods-packager (~> 1.3.0)
  credentials_manager (= 0.16.2)!
  jazzy
  nokogiri (= 1.6.3.1)
  xcode-install
  xcpretty

BUNDLED WITH
   1.13.7
